GEM
  remote: https://rubygems.org/
  specs:
    rack (3.0.7)

PLATFORMS
  x86_64-linux

DEPENDENCIES
  rack (~> 3.0.7)

RUBY VERSION
   ruby 3.2.2p53

BUNDLED WITH
   2.4.10
