GEM
  remote: https://rubygems.org/
  specs:
    rack (3.0.7)
    rackup (2.1.0)
      rack (>= 3)
      webrick (~> 1.8)
    webrick (1.8.1)

PLATFORMS
  x86_64-linux

DEPENDENCIES
  rack (~> 3.0.7)
  rackup (~> 2.1.0)

RUBY VERSION
   ruby 3.2.2p53

BUNDLED WITH
   2.4.10
